GEM
  remote: http://gems.ruby-china.org/
  specs:
    childprocess (0.9.0)
      ffi (~> 1.0, >= 1.0.11)
    chronic (0.10.2)
    ffi (1.9.23)
    rake (12.3.1)
    rubyzip (1.2.1)
    selenium-webdriver (3.3.0)
      childprocess (~> 0.5)
      rubyzip (~> 1.0)
      websocket (~> 1.0)
    watir (6.2.0)
      selenium-webdriver (~> 3.0)
    websocket (1.2.5)
    whenever (0.10.0)
      chronic (>= 0.6.3)

PLATFORMS
  ruby

DEPENDENCIES
  rake
  selenium-webdriver (= 3.3.0)
  watir (= 6.2.0)
  whenever

BUNDLED WITH
   1.16.1
